GEM
  remote: https://rubygems.org/
  specs:
    byebug (2.5.0)
      columnize (~> 0.3.6)
      debugger-linecache (~> 1.2.0)
    columnize (0.3.6)
    debugger-linecache (1.2.0)
    diff-lcs (1.2.5)
    json (1.8.1)
    open4 (1.3.0)
    random-location (0.1.0)
    rspec (2.14.1)
      rspec-core (~> 2.14.0)
      rspec-expectations (~> 2.14.0)
      rspec-mocks (~> 2.14.0)
    rspec-core (2.14.7)
    rspec-expectations (2.14.4)
      diff-lcs (>= 1.1.3, < 2.0)
    rspec-mocks (2.14.4)
    thor (0.18.1)

PLATFORMS
  ruby

DEPENDENCIES
  byebug
  json (~> 1.8.1)
  open4 (~> 1.3.0)
  random-location (~> 0.1.0)
  rspec (~> 2.14.1)
  thor (~> 0.18.1)
